GEM
  remote: https://rubygems.org/
  specs:
    Ascii85 (1.1.0)
    activesupport (7.0.8)
      concurrent-ruby (~> 1.0, >= 1.0.2)
      i18n (>= 1.6, < 2)
      minitest (>= 5.1)
      tzinfo (~> 2.0)
    addressable (2.8.5)
      public_suffix (>= 2.0.2, < 6.0)
    afm (0.2.2)
    anthropic (0.1.0)
      faraday (>= 1)
      faraday-multipart (>= 1)
    arx (1.3.0)
      nokogiri (~> 1.10)
      nokogiri-happymapper (~> 0.8)
    arxiv (0.1.10)
      full-name-splitter (~> 0.1.2)
      happymapper (~> 0.4, >= 0.4.1)
      nokogiri (~> 1.6, >= 1.6.6.2)
    concurrent-ruby (1.2.2)
    dotenv (2.8.1)
    faraday (2.7.10)
      faraday-net_http (>= 2.0, < 3.1)
      ruby2_keywords (>= 0.0.4)
    faraday-multipart (1.0.4)
      multipart-post (~> 2)
    faraday-net_http (3.0.2)
    full-name-splitter (0.1.2)
    glim_ai (0.2.0)
    happymapper (0.5.0)
      libxml-ruby (~> 2.9)
    hashery (2.1.2)
    i18n (1.14.1)
      concurrent-ruby (~> 1.0)
    json-schema (4.0.0)
      addressable (>= 2.8)
    libxml-ruby (2.9.0)
    minitest (5.20.0)
    multipart-post (2.3.0)
    must_be (1.1.0)
    nokogiri (1.15.4-arm64-darwin)
      racc (~> 1.4)
    nokogiri-happymapper (0.9.0)
      nokogiri (~> 1.5)
    pdf-reader (2.11.0)
      Ascii85 (~> 1.0)
      afm (~> 0.2.1)
      hashery (~> 2.0)
      ruby-rc4
      ttfunk
    public_suffix (5.0.3)
    racc (1.7.1)
    rake (13.0.6)
    ruby-openai (5.1.0)
      faraday (>= 1)
      faraday-multipart (>= 1)
    ruby-rc4 (0.1.5)
    ruby2_keywords (0.0.5)
    tiktoken_ruby (0.0.5-arm64-darwin)
    ttfunk (1.7.0)
    tzinfo (2.0.6)
      concurrent-ruby (~> 1.0)

PLATFORMS
  arm64-darwin-22

DEPENDENCIES
  activesupport
  anthropic
  arx
  arxiv
  dotenv
  glim_ai (= 0.2.0)
  json-schema
  minitest (~> 5.0)
  must_be
  pdf-reader
  rake (~> 13.0)
  ruby-openai
  tiktoken_ruby (~> 0.0.5)

BUNDLED WITH
   2.4.6
